{
	"Modality": "MR",
	"MagneticFieldStrength": 3,
	"ImagingFrequency": 123.19,
	"Manufacturer": "Siemens",
	"ManufacturersModelName": "Prisma",
	"InstitutionName": "MBBI",
	"InstitutionAddress": "West_130th_Street_610_NY_NYC_US_10025",
	"DeviceSerialNumber": "166010",
	"StationName": "AWP166010",
	"BodyPartExamined": "BRAIN",
	"PatientPosition": "HFS",
	"ProcedureStepDescription": "Baldassano_TopDown",
	"SoftwareVersions": "syngo_MR_E11",
	"MRAcquisitionType": "2D",
	"SeriesDescription": "func_task-listen_run-1_bold",
	"ProtocolName": "func_task-listen_run-1_bold",
	"ScanningSequence": "EP",
	"SequenceVariant": "SK_OSP",
	"ScanOptions": "FS",
	"SequenceName": "_epfid2d1_82",
	"ImageType": ["ORIGINAL", "PRIMARY", "M", "ND", "MOSAIC"],
	"SeriesNumber": 15,
	"AcquisitionTime": "12:58:39.415000",
	"AcquisitionNumber": 1,
	"SliceThickness": 2.5,
	"SpacingBetweenSlices": 2.5,
	"SAR": 0.0655916,
	"EchoTime": 0.03,
	"RepetitionTime": 1,
	"FlipAngle": 62,
	"PartialFourier": 1,
	"BaseResolution": 82,
	"ShimSetting": [
		2014,
		-904,
		3275,
		464,
		-296,
		-310,
		36,
		62	],
	"TxRefAmp": 310.059,
	"PhaseResolution": 1,
	"PhaseOversampling": 0.12,
	"ReceiveCoilName": "HeadNeck_64",
	"ReceiveCoilActiveElements": "HC1-7",
	"PulseSequenceDetails": "%SiemensSeq%_ep2d_bold",
	"RefLinesPE": 40,
	"ConsistencyInfo": "N4_VE11C_LATEST_20160120",
	"MultibandAccelerationFactor": 3,
	"PercentPhaseFOV": 100,
	"EchoTrainLength": 45,
	"PhaseEncodingSteps": 91,
	"AcquisitionMatrixPE": 82,
	"ReconMatrixPE": 82,
	"BandwidthPerPixelPhaseEncode": 39.526,
	"ParallelReductionFactorInPlane": 2,
	"EffectiveEchoSpacing": 0.000308534,
	"DerivedVendorReportedEchoSpacing": 0.000550954,
	"TotalReadoutTime": 0.0249913,
	"PixelBandwidth": 2260,
	"PhaseEncodingDirection": "j-",
	"SliceTiming": [
		0.735,
		0,
		0.49,
		0.0625,
		0.55,
		0.1225,
		0.6125,
		0.185,
		0.6725,
		0.3075,
		0.795,
		0.3675,
		0.8575,
		0.43,
		0.9175,
		0.245,
		0.735,
		0,
		0.49,
		0.0625,
		0.55,
		0.1225,
		0.6125,
		0.185,
		0.6725,
		0.3075,
		0.795,
		0.3675,
		0.8575,
		0.43,
		0.9175,
		0.245,
		0.735,
		0,
		0.49,
		0.0625,
		0.55,
		0.1225,
		0.6125,
		0.185,
		0.6725,
		0.3075,
		0.795,
		0.3675,
		0.8575,
		0.43,
		0.9175,
		0.245	],
	"ImageOrientationPatientDICOM": [
		0.993022,
		0.0353256,
		0.112512,
		-0.0135193,
		0.981891,
		-0.188966	],
	"InPlanePhaseEncodingDirectionDICOM": "COL",
	"ConversionSoftware": "dcm2niix",
	"ConversionSoftwareVersion": "v1.0.20190902"
}
