{
	"Modality": "MR",
	"MagneticFieldStrength": 3,
	"ImagingFrequency": 123.19,
	"Manufacturer": "Siemens",
	"ManufacturersModelName": "Prisma",
	"InstitutionName": "MBBI",
	"InstitutionAddress": "West_130th_Street_610_NY_NYC_US_10025",
	"DeviceSerialNumber": "166010",
	"StationName": "AWP166010",
	"BodyPartExamined": "BRAIN",
	"PatientPosition": "HFS",
	"ProcedureStepDescription": "Baldassano_TopDown",
	"SoftwareVersions": "syngo_MR_E11",
	"MRAcquisitionType": "2D",
	"SeriesDescription": "func_task-listen_run-1_bold",
	"ProtocolName": "func_task-listen_run-1_bold",
	"ScanningSequence": "EP",
	"SequenceVariant": "SK_OSP",
	"ScanOptions": "FS",
	"SequenceName": "_epfid2d1_82",
	"ImageType": ["ORIGINAL", "PRIMARY", "M", "ND", "MOSAIC"],
	"SeriesNumber": 7,
	"AcquisitionTime": "13:29:26.685000",
	"AcquisitionNumber": 1,
	"SliceThickness": 2.5,
	"SpacingBetweenSlices": 2.5,
	"SAR": 0.0591171,
	"EchoTime": 0.03,
	"RepetitionTime": 1,
	"FlipAngle": 62,
	"PartialFourier": 1,
	"BaseResolution": 82,
	"ShimSetting": [
		2036,
		-876,
		3286,
		604,
		-199,
		0,
		-68,
		63	],
	"TxRefAmp": 211.776,
	"PhaseResolution": 1,
	"PhaseOversampling": 0.12,
	"ReceiveCoilName": "HeadNeck_64",
	"ReceiveCoilActiveElements": "HC1-7",
	"PulseSequenceDetails": "%SiemensSeq%_ep2d_bold",
	"RefLinesPE": 40,
	"ConsistencyInfo": "N4_VE11C_LATEST_20160120",
	"MultibandAccelerationFactor": 3,
	"PercentPhaseFOV": 100,
	"EchoTrainLength": 45,
	"PhaseEncodingSteps": 91,
	"AcquisitionMatrixPE": 82,
	"ReconMatrixPE": 82,
	"BandwidthPerPixelPhaseEncode": 39.526,
	"ParallelReductionFactorInPlane": 2,
	"EffectiveEchoSpacing": 0.000308534,
	"DerivedVendorReportedEchoSpacing": 0.000550954,
	"TotalReadoutTime": 0.0249913,
	"PixelBandwidth": 2260,
	"PhaseEncodingDirection": "j-",
	"SliceTiming": [
		0.7325,
		0,
		0.4875,
		0.06,
		0.55,
		0.1225,
		0.61,
		0.1825,
		0.6725,
		0.305,
		0.795,
		0.365,
		0.855,
		0.4275,
		0.9175,
		0.2425,
		0.7325,
		0,
		0.4875,
		0.06,
		0.55,
		0.1225,
		0.61,
		0.1825,
		0.6725,
		0.305,
		0.795,
		0.365,
		0.855,
		0.4275,
		0.9175,
		0.2425,
		0.7325,
		0,
		0.4875,
		0.06,
		0.55,
		0.1225,
		0.61,
		0.1825,
		0.6725,
		0.305,
		0.795,
		0.365,
		0.855,
		0.4275,
		0.9175,
		0.2425	],
	"ImageOrientationPatientDICOM": [
		0.993905,
		0.102455,
		0.040703,
		-0.0974532,
		0.989129,
		-0.11012	],
	"InPlanePhaseEncodingDirectionDICOM": "COL",
	"ConversionSoftware": "dcm2niix",
	"ConversionSoftwareVersion": "v1.0.20190902"
}
